GIT
  remote: git://github.com/vega-webrtc/vega_server_ruby.git
  revision: ed7c7f126beafed47ce11347eb2a64f384fc2a5d
  specs:
    vega_server (0.1.0)
      activesupport (~> 4.0)
      faye-websocket (~> 0.7)
      multi_json (~> 1.9)

GEM
  remote: https://rubygems.org/
  specs:
    activesupport (4.1.6)
      i18n (~> 0.6, >= 0.6.9)
      json (~> 1.7, >= 1.7.7)
      minitest (~> 5.1)
      thread_safe (~> 0.1)
      tzinfo (~> 1.1)
    eventmachine (1.0.3)
    faye-websocket (0.7.5)
      eventmachine (>= 0.12.0)
      websocket-driver (>= 0.3.5)
    i18n (0.6.11)
    json (1.8.1)
    minitest (5.4.2)
    multi_json (1.10.1)
    puma (2.9.1)
      rack (>= 1.1, < 2.0)
    rack (1.5.2)
    thread_safe (0.3.4)
    tzinfo (1.2.2)
      thread_safe (~> 0.1)
    websocket-driver (0.3.5)

PLATFORMS
  ruby

DEPENDENCIES
  puma
  rack
  vega_server!
